PATH
  remote: .
  specs:
    pagseguro (0.0.1)

GEM
  remote: https://rubygems.org/
  specs:
    autotest-standalone (4.5.11)
    awesome_print (1.1.0)
    coderay (1.0.9)
    diff-lcs (1.2.4)
    method_source (0.8.1)
    multi_json (1.7.2)
    notifier (0.4.1)
    pry (0.9.12.1)
      coderay (~> 1.0.5)
      method_source (~> 0.8)
      slop (~> 3.4)
    pry-meta (0.0.5)
      awesome_print
      pry
      pry-nav
      pry-remote
    pry-nav (0.2.3)
      pry (~> 0.9.10)
    pry-remote (0.1.7)
      pry (~> 0.9)
      slop (~> 3.0)
    rake (10.0.4)
    rspec (2.13.0)
      rspec-core (~> 2.13.0)
      rspec-expectations (~> 2.13.0)
      rspec-mocks (~> 2.13.0)
    rspec-core (2.13.1)
    rspec-expectations (2.13.0)
      diff-lcs (>= 1.1.3, < 2.0)
    rspec-mocks (2.13.1)
    simplecov (0.7.1)
      multi_json (~> 1.0)
      simplecov-html (~> 0.7.1)
    simplecov-html (0.7.1)
    slop (3.4.4)
    test_notifier (1.0.1)
      notifier

PLATFORMS
  ruby

DEPENDENCIES
  autotest-standalone
  bundler
  pagseguro!
  pry-meta
  rake
  rspec
  simplecov
  test_notifier
